NUGET
  remote: https://nuget.org/api/v2
  specs:
    FSharp.Core (4.0.0.1) - framework: >= net45
    Hopac (0.1.1) - framework: >= net45
      FSharp.Core (>= 4.0.0.1)
    Infers (0.2.1) - framework: >= net45
      FSharp.Core (>= 4.0.0.1)
    Infers.Rep (0.2.1) - framework: >= net45
      FSharp.Core (>= 4.0.0.1)
      Infers (>= 0.2.1)
